GEM
  remote: https://rubygems.org/
  specs:
    activesupport (7.0.4.3)
      concurrent-ruby (~> 1.0, >= 1.0.2)
      i18n (>= 1.6, < 2)
      minitest (>= 5.1)
      tzinfo (~> 2.0)
    byebug (11.1.3)
    coderay (1.1.3)
    concurrent-ruby (1.2.2)
    ethon (0.16.0)
      ffi (>= 1.15.0)
    exifr (1.3.10)
    ffi (1.15.5)
    fspath (3.1.2)
    highline (2.0.3)
    html-pipeline (2.14.3)
      activesupport (>= 2)
      nokogiri (>= 1.4)
    i18n (1.12.0)
      concurrent-ruby (~> 1.0)
    image_optim (0.31.3)
      exifr (~> 1.2, >= 1.2.2)
      fspath (~> 3.0)
      image_size (>= 1.5, < 4)
      in_threads (~> 1.3)
      progress (~> 3.0, >= 3.0.1)
    image_optim_pack (0.9.1.20230325)
      fspath (>= 2.1, < 4)
      image_optim (~> 0.19)
    image_size (3.2.0)
    in_threads (1.6.0)
    method_source (1.0.0)
    mini_portile2 (2.8.1)
    minitest (5.18.0)
    net-sftp (4.0.0)
      net-ssh (>= 5.0.0, < 8.0.0)
    net-ssh (7.0.1)
    nokogiri (1.14.2)
      mini_portile2 (~> 2.8.0)
      racc (~> 1.4)
    options (2.3.2)
    progress (3.6.0)
    progress_bar (1.3.3)
      highline (>= 1.6, < 3)
      options (~> 2.3.0)
    pry (0.14.2)
      coderay (~> 1.1)
      method_source (~> 1.0)
    pry-byebug (3.10.1)
      byebug (~> 11.0)
      pry (>= 0.13, < 0.15)
    racc (1.6.2)
    redcarpet (3.6.0)
    strings (0.2.1)
      strings-ansi (~> 0.2)
      unicode-display_width (>= 1.5, < 3.0)
      unicode_utils (~> 1.4)
    strings-ansi (0.2.0)
    terminal-table (3.0.2)
      unicode-display_width (>= 1.1.1, < 3)
    thor (1.2.1)
    tty-pager (0.14.0)
      strings (~> 0.2.0)
      tty-screen (~> 0.8)
    tty-screen (0.8.1)
    typhoeus (1.4.0)
      ethon (>= 0.9.0)
    tzinfo (2.0.6)
      concurrent-ruby (~> 1.0)
    unicode-display_width (2.3.0)
    unicode_utils (1.4.0)
    unix_utils (0.0.15)
    yajl-ruby (1.4.3)

PLATFORMS
  ruby

DEPENDENCIES
  activesupport
  html-pipeline
  image_optim
  image_optim_pack
  net-sftp
  nokogiri
  progress_bar
  pry-byebug
  redcarpet
  terminal-table
  thor
  tty-pager
  typhoeus
  unix_utils
  yajl-ruby

RUBY VERSION
   ruby 3.2.1p31

BUNDLED WITH
   2.4.6
